PATH
  remote: .
  specs:
    sgviz (0.0.2)
      aws-sdk-ec2
      gviz
      thor

GEM
  remote: https://rubygems.org/
  specs:
    awesome_print (1.8.0)
    aws-eventstream (1.0.1)
    aws-partitions (1.97.0)
    aws-sdk-core (3.24.0)
      aws-eventstream (~> 1.0)
      aws-partitions (~> 1.0)
      aws-sigv4 (~> 1.0)
      jmespath (~> 1.0)
    aws-sdk-ec2 (1.41.0)
      aws-sdk-core (~> 3)
      aws-sigv4 (~> 1.0)
    aws-sdk-v1 (1.67.0)
      json (~> 1.4)
      nokogiri (~> 1)
    aws-sigv4 (1.0.3)
    coderay (1.1.2)
    coffee-script (2.4.1)
      coffee-script-source
      execjs
    coffee-script-source (1.12.2)
    diffy (3.2.1)
    dslh (0.2.7)
    execjs (2.7.0)
    gviz (0.3.5)
      thor
    hashie (3.5.7)
    highline (2.0.0)
    jmespath (1.4.0)
    json (1.8.3)
    json5 (0.0.1)
    kumogata (0.5.12)
      aws-sdk-v1
      coderay
      coffee-script
      diffy
      dslh (>= 0.2.7, < 0.3)
      hashie
      highline
      json (= 1.8.3)
      json5
      net-ssh
      nokogiri (= 1.6.7.2)
      retryable (~> 2.0.0)
      term-ansicolor
      therubyracer (= 0.12.2)
      uuidtools
    libv8 (3.16.14.19)
    method_source (0.9.0)
    mini_portile2 (2.0.0)
    net-ssh (5.0.2)
    nokogiri (1.6.7.2)
      mini_portile2 (~> 2.0.0.rc2)
    pry (0.11.3)
      coderay (~> 1.1.0)
      method_source (~> 0.9.0)
    rake (10.5.0)
    ref (2.0.0)
    retryable (2.0.4)
    term-ansicolor (1.6.0)
      tins (~> 1.0)
    therubyracer (0.12.2)
      libv8 (~> 3.16.14.0)
      ref
    thor (0.20.0)
    tins (1.16.3)
    uuidtools (2.1.5)

PLATFORMS
  ruby

DEPENDENCIES
  awesome_print
  bundler (~> 1.7)
  kumogata
  pry
  rake (~> 10.0)
  sgviz!

BUNDLED WITH
   1.16.1
